NUGET
  remote: https://nuget.org/api/v2
    python.python (3.6.6)
      python.python (>= 3.6.6)
    radicale.radicale (2.1.10)
      radicale.radicale (>= 2.1.10)
    haxx.curl (7.60.0)
      haxx.curl (>= 7.60.0)
    debricked.seconds (dev-master)
      debricked.seconds (>= dev-master)

